GEM
  remote: https://rubygems.org/
  specs:
    concurrent-ruby (1.0.2)
    execjs (2.7.0)
    rack (1.6.4)
    rack-protection (1.5.3)
      rack
    react-jsx-sprockets (0.2.2)
      execjs (>= 1.2.9)
      sprockets (>= 2.0.3)
      tilt (>= 1.3.3)
      yajl-ruby
    sass (3.4.22)
    sinatra (1.4.7)
      rack (~> 1.5)
      rack-protection (~> 1.4)
      tilt (>= 1.3, < 3)
    sprockets (3.6.0)
      concurrent-ruby (~> 1.0)
      rack (> 1, < 3)
    tilt (2.0.5)
    uglifier (3.0.0)
      execjs (>= 0.3.0, < 3)
    yajl-ruby (1.2.1)

PLATFORMS
  ruby

DEPENDENCIES
  react-jsx-sprockets
  sass
  sinatra
  sprockets
  uglifier

BUNDLED WITH
   1.11.2
